##TITLE= Parameter file, TopSpin 3.6.3
##JCAMPDX= 5.0
##DATATYPE= Parameter Values
##NPOINTS= 117387	$$ modification sequence number
##ORIGIN= Bruker BioSpin GmbH
##OWNER= nmrsu
$$ 2022-11-07 14:37:50.636 -0800  liquids@bokan
$$ /opt/topspin3.6.3/conf/instr/spect/specpar
$$ process /opt/topspin3.6.3/prog/mod/hconfserver
##$HPPRECH= (0..15)
-1 3 -1 4 -1 -1 -1 -1 -1 -1 -1 -1 -1 -1 -1 -1
##$HPSELECT= no
##$NUC1= 1
##$NUC2= 10
##$NUC3= 0
##$NUC4= 0
##$NUC5= 0
##$NUC6= 0
##$NUC7= 0
##$NUC8= 0
##$NUCARR= (0..123)
750.24 750.24 115.166407911 800.235798538 571.525149542 110.405963606 291.571750613
105.422321851 80.603219779 240.706806538 188.647998048 54.214720661 76.021158989
101.705962997 705.930908126 59.22616631 198.45273456 45.926954424 195.488978962
149.051583749 303.702718781 57.5884224 73.507832482 61.18751124 35.008996795
19.215934632 50.49136957 182.246402693 42.295035082 42.306311189 74.801246242
197.335237075 42.40728599 185.978629123 24.291105667 178.009999978 67.041829022
198.929684635 213.095866363 46.941038827 180.06775825 228.79847209 26.170734456
128.460699274 143.082119131 39.145437533 187.964979552 202.613700643 28.86623424
72.435244363 245.48193409 32.514066173 36.763245475 69.744546115 183.630017808
48.892585622 49.918681368 168.866464982 34.549684862 38.722654786 23.905999973
34.33173264 30.368357266 34.912665979 159.167017152 166.50207612 164.045640312
164.39730781 245.469142498 267.327459922 279.769237517 179.536760885 97.225229621
196.335872381 236.698986946 150.104162966 208.643139446 61.84919291 98.402543741
74.532270197 83.373631027 98.98891632 105.976209038 229.723488 40.88808
25.208064 31.285008 25.808256 186.509664 82.376352 23.032368 30.234672
180.357696 25.808256 36.161568 160.101216 21.606912 62.194896 131.286793334
36.1690704 85.5573696 61.0020144 30.0621168 18.8835408 89.95077504 31.257901829
168.98855904 170.69160384 17.122960094 58.25913696 12.8891232 14.0369904
161.277472282 12.9716496 134.374150973 49.602740299 428.56109568 432.767226211
156.954701938 120.558226291 13.81491936 27.233712 100 100
##$NUCOFFS= (0..127)
<31P> <1H> <27Al> <11B> <13C> <15N> <29Si> <6Li> <23Na> <79Br> <2H> <33S>
<207Pb> <> <> <> <> <> <> <> <> <> <> <> <> <> <> <> <> <> <> <> <> <>
<> <> <> <> <> <> <> <> <> <> <> <> <> <> <> <> <> <> <> <> <> <> <> <>
<> <> <> <> <> <> <> <> <> <> <> <> <> <> <> <> <> <> <> <> <> <> <> <>
<> <> <> <> <> <> <> <> <> <> <> <> <> <> <> <> <> <> <> <> <> <> <> <>
<> <> <> <> <> <> <> <> <> <> <> <> <> <> <> <> <> <> <> <> <> <>
##$OFFS= (0..127)
8207.74 3524.34 0 0 0 0 0 0 0 0 0 0 0 0 0 0 0 0 0 0 0 0 0 0 0 0 0 0 0 0
0 0 0 0 0 0 0 0 0 0 0 0 0 0 0 0 0 0 0 0 0 0 0 0 0 0 0 0 0 0 0 0 0 0 0 0
0 0 0 0 0 0 0 0 0 0 0 0 0 0 0 0 0 0 0 0 0 0 0 0 0 0 0 0 0 0 0 0 0 0 0 0
0 0 0 0 0 0 0 0 0 0 0 0 0 0 0 0 0 0 0 0 0 0 0 0 0 0
##$OFFSF= (0..7)
-73510.8 0 0 0 0 0 0 0
##$OFFSH= (0..7)
3529 0 0 0 0 0 0 0
##$OFFSX= (0..7)
-2671.59999998512 8781.5 0 0 0 0 0 0
##$PRECHAN= (0..15)
-1 5 0 6 2 1 -1 -1 -1 -1 -1 -1 -1 -1 -1 -1
##$RECPRE= (0..15)
-1 0 -1 -1 -1 -1 -1 -1 -1 -1 -1 -1 -1 -1 -1 -1
##$RECPRFX= (0..15)
1 0 0 0 0 0 0 0 0 0 0 0 0 0 0 0
##$RECSEL= (0..15)
0 0 0 0 1 0 0 0 0 0 0 0 0 0 0 0
##$SELREC= (0..9)
0 0 0 0 0 0 0 0 0 0
##$SFO1= 750.243527
##$SFO2= 188.647998
##$SFO3= 750.24
##$SFO4= 750.24
##$SFO5= 750.243526
##$SFO6= 750.243526
##$SFO7= 750.243526
##$SFO8= 750.243526
##END=
